GEM
  remote: https://rubygems.org/
  specs:
    bitly (0.10.1)
      httparty (>= 0.7.6)
      multi_json (~> 1.3)
      oauth2 (>= 0.5.0, < 0.10)
    blankslate (2.1.2.4)
    celluloid (0.15.2)
      timers (~> 1.1.0)
    chunky_png (1.3.1)
    classifier-reborn (2.0.1)
      fast-stemmer (~> 1.0)
    coffee-script (2.3.0)
      coffee-script-source
      execjs
    coffee-script-source (1.7.1)
    colorator (0.1)
    compass (1.0.1)
      chunky_png (~> 1.2)
      compass-core (~> 1.0.1)
      compass-import-once (~> 1.0.5)
      rb-fsevent (>= 0.9.3)
      rb-inotify (>= 0.9)
      sass (>= 3.3.13, < 3.5)
    compass-core (1.0.1)
      multi_json (~> 1.0)
      sass (>= 3.3.0, < 3.5)
    compass-import-once (1.0.5)
      sass (>= 3.2, < 3.5)
    execjs (2.2.1)
    faraday (0.9.0)
      multipart-post (>= 1.2, < 3)
    fast-stemmer (1.0.2)
    ffi (1.9.3)
    foundation (1.0.4)
      thor (>= 0.18.1)
    httparty (0.13.1)
      json (~> 1.8)
      multi_xml (>= 0.5.2)
    jekyll (2.3.0)
      classifier-reborn (~> 2.0)
      colorator (~> 0.1)
      jekyll-coffeescript (~> 1.0)
      jekyll-gist (~> 1.0)
      jekyll-paginate (~> 1.0)
      jekyll-sass-converter (~> 1.0)
      jekyll-watch (~> 1.1)
      kramdown (~> 1.3)
      liquid (~> 2.6.1)
      mercenary (~> 0.3.3)
      pygments.rb (~> 0.6.0)
      redcarpet (~> 3.1)
      safe_yaml (~> 1.0)
      toml (~> 0.1.0)
    jekyll-coffeescript (1.0.0)
      coffee-script (~> 2.2)
    jekyll-gist (1.1.0)
    jekyll-paginate (1.0.0)
    jekyll-sass-converter (1.2.0)
      sass (~> 3.2)
    jekyll-watch (1.1.0)
      listen (~> 2.7)
    json (1.8.1)
    jwt (1.0.0)
    kramdown (1.4.1)
    liquid (2.6.1)
    listen (2.7.9)
      celluloid (>= 0.15.2)
      rb-fsevent (>= 0.9.3)
      rb-inotify (>= 0.9)
    mercenary (0.3.4)
    multi_json (1.10.1)
    multi_xml (0.5.5)
    multipart-post (2.0.0)
    oauth2 (0.9.4)
      faraday (>= 0.8, < 0.10)
      jwt (~> 1.0)
      multi_json (~> 1.3)
      multi_xml (~> 0.5)
      rack (~> 1.2)
    parslet (1.5.0)
      blankslate (~> 2.0)
    posix-spawn (0.3.9)
    pygments.rb (0.6.0)
      posix-spawn (~> 0.3.6)
      yajl-ruby (~> 1.1.0)
    rack (1.5.2)
    rb-fsevent (0.9.4)
    rb-inotify (0.9.5)
      ffi (>= 0.5.0)
    redcarpet (3.1.2)
    safe_yaml (1.0.3)
    sass (3.4.0)
    thor (0.19.1)
    timers (1.1.0)
    toml (0.1.1)
      parslet (~> 1.5.0)
    yajl-ruby (1.1.0)

PLATFORMS
  ruby

DEPENDENCIES
  bitly
  compass
  foundation
  jekyll
